GEM
  remote: http://rubygems.org/
  specs:
    crack (0.1.8)
    foursquare (0.3.4)
      hashie (>= 0.1.8)
      httparty (>= 0.4.3)
      oauth (>= 0.3.5)
    hashie (1.0.0)
    httparty (0.7.8)
      crack (= 0.1.8)
    oauth (0.4.5)

PLATFORMS
  ruby

DEPENDENCIES
  foursquare
